GEM
  remote: https://rubygems.org/
  specs:
    bigdecimal (3.1.7)
    sequel (5.79.0)
      bigdecimal

PLATFORMS
  x64-mingw32

DEPENDENCIES
  sequel

BUNDLED WITH
   2.1.4
